GEM
  remote: http://rubygems.org/
  specs:
    rack (1.3.4)
    rack-test (0.6.1)
      rack (>= 1.0)
    rake (0.9.2.2)

PLATFORMS
  ruby

DEPENDENCIES
  rack
  rack-test
  rake
